GEM
  remote: https://rubygems.org/
  specs:
    capistrano (3.4.0)
      i18n
      rake (>= 10.0.0)
      sshkit (~> 1.3)
    capistrano-file-resources (0.1.1)
      capistrano
      mime-types
    capistrano-file-transfer-ext (0.1.1)
      capistrano
    capistrano-maven (0.1.2)
      capistrano
      capistrano-file-resources (>= 0.1.0)
      capistrano-file-transfer-ext (>= 0.1.0)
    colorize (0.7.7)
    i18n (0.7.0)
    mime-types (2.6.1)
    net-scp (1.2.1)
      net-ssh (>= 2.6.5)
    net-ssh (2.10.0.beta1)
    rake (10.1.0)
    sshkit (1.7.1)
      colorize (>= 0.7.0)
      net-scp (>= 1.1.2)
      net-ssh (>= 2.8.0)

PLATFORMS
  x64-mingw32

DEPENDENCIES
  capistrano (~> 3.4.0)
  capistrano-maven

BUNDLED WITH
   1.10.3
